PATH
  remote: .
  specs:
    disk_store (0.2.2)
      celluloid
      rake

GEM
  remote: https://rubygems.org/
  specs:
    celluloid (0.15.2)
      timers (~> 1.1.0)
    diff-lcs (1.2.5)
    rake (10.3.2)
    rspec (2.14.1)
      rspec-core (~> 2.14.0)
      rspec-expectations (~> 2.14.0)
      rspec-mocks (~> 2.14.0)
    rspec-core (2.14.8)
    rspec-expectations (2.14.5)
      diff-lcs (>= 1.1.3, < 2.0)
    rspec-mocks (2.14.6)
    timers (1.1.0)

PLATFORMS
  ruby

DEPENDENCIES
  disk_store!
  rspec
